PATH
  remote: .
  specs:
    tracey (0.0.3)
      jruby-openssl (= 0.7.3)

GEM
  remote: http://rubygems.org/
  specs:
    bouncy-castle-java (1.5.0146.1)
    jruby-openssl (0.7.3)
      bouncy-castle-java
    metaclass (0.0.1)
    mocha (0.12.1)
      metaclass (~> 0.0.1)
    rake (0.9.2.2)

PLATFORMS
  java

DEPENDENCIES
  mocha (= 0.12.1)
  rake
  tracey!
